GEM
  remote: https://rubygems.org/
  specs:
    jar-dependencies (0.4.1)
    leafy-complete (0.6.2-java)
      leafy-health (~> 0.6.2)
      leafy-logger (~> 0.6.2)
      leafy-metrics (~> 0.6.2)
      leafy-rack (~> 0.6.2)
    leafy-health (0.6.2-java)
      jar-dependencies (~> 0.1)
    leafy-logger (0.6.2-java)
      jar-dependencies (~> 0.1)
      leafy-metrics (~> 0.6.2)
    leafy-metrics (0.6.2-java)
      jar-dependencies (~> 0.1)
    leafy-rack (0.6.2-java)
      jar-dependencies (~> 0.1)
      leafy-health (~> 0.6.2)
      leafy-logger (~> 0.6.2)
      leafy-metrics (~> 0.6.2)
    mustermann (2.0.2)
      ruby2_keywords (~> 0.0.1)
    nio4r (2.7.0-java)
    puma (6.4.2-java)
      nio4r (~> 2.0)
    rack (2.2.8)
    rack-protection (2.2.4)
      rack
    rake (13.1.0)
    ruby2_keywords (0.0.5)
    sinatra (2.2.4)
      mustermann (~> 2.0)
      rack (~> 2.2)
      rack-protection (= 2.2.4)
      tilt (~> 2.0)
    tilt (2.3.0)

PLATFORMS
  java
  universal-java-1.8

DEPENDENCIES
  leafy-complete (~> 0.6)
  puma (~> 6.4)
  rack (~> 2.2)
  rake (>= 12.3.3)
  sinatra (~> 2.2.0)

BUNDLED WITH
   2.3.26
